GEM
  remote: https://rubygems.org/
  specs:
    rake (10.5.0)
    sass (3.4.22)
    scss_lint (0.47.1)
      rake (>= 0.9, < 11)
      sass (~> 3.4.15)

PLATFORMS
  ruby

DEPENDENCIES
  sass (~> 3.4.19)
  scss_lint (~> 0.47.0)

BUNDLED WITH
   1.11.0
